GEM
  remote: https://rubygems.org/
  specs:
    addressable (2.2.8)
    backports (3.0.3)
    columnize (0.3.6)
    data_objects (0.10.12)
      addressable (~> 2.1)
    debugger (1.3.3)
      columnize (>= 0.3.1)
      debugger-linecache (~> 1.1.1)
      debugger-ruby_core_source (~> 1.2.0)
    debugger-linecache (1.1.2)
      debugger-ruby_core_source (>= 1.1.1)
    debugger-ruby_core_source (1.2.0)
    dm-core (1.2.0)
      addressable (~> 2.2.6)
    dm-do-adapter (1.2.0)
      data_objects (~> 0.10.6)
      dm-core (~> 1.2.0)
    dm-migrations (1.2.0)
      dm-core (~> 1.2.0)
    dm-sqlite-adapter (1.2.0)
      dm-do-adapter (~> 1.2.0)
      do_sqlite3 (~> 0.10.6)
    dm-timestamps (1.2.0)
      dm-core (~> 1.2.0)
    dm-validations (1.2.0)
      dm-core (~> 1.2.0)
    do_sqlite3 (0.10.12)
      data_objects (= 0.10.12)
    eventmachine (1.0.0)
    haml (4.0.0)
      tilt
    rack (1.5.2)
    rack-flash (0.1.2)
      rack
    rack-protection (1.3.2)
      rack
    rack-test (0.6.2)
      rack (>= 1.0)
    rufus-tokyo (1.0.7)
    sinatra (1.3.5)
      rack (~> 1.4)
      rack-protection (~> 1.3)
      tilt (~> 1.3, >= 1.3.3)
    sinatra-authentication (0.4.1)
      dm-core
      dm-migrations
      dm-timestamps
      dm-validations
      rack-flash
      rufus-tokyo
      sinatra
      sinbook
    sinatra-contrib (1.3.2)
      backports (>= 2.0)
      eventmachine
      rack-protection
      rack-test
      sinatra (~> 1.3.0)
      tilt (~> 1.3)
    sinbook (0.1.9)
      yajl-ruby
    tilt (1.3.3)
    timecop (0.5.9.2)
    yajl-ruby (1.1.0)

PLATFORMS
  ruby

DEPENDENCIES
  debugger
  dm-core (~> 1.2.0)
  dm-migrations
  dm-sqlite-adapter
  dm-timestamps
  dm-validations
  haml
  sinatra (~> 1.3.4)
  sinatra-authentication
  sinatra-contrib (~> 1.3.2)
  timecop
